GEM
  remote: https://rubygems.org/
  specs:
    addressable (2.5.1)
      public_suffix (~> 2.0, >= 2.0.2)
    archive-tar-minitar (0.5.2)
    arr-pm (0.0.10)
      cabin (> 0)
    backports (3.8.0)
    cabin (0.9.0)
    childprocess (0.7.1)
      ffi (~> 1.0, >= 1.0.11)
    claide (1.0.1)
    claide-plugins (0.9.2)
      cork
      nap
      open4 (~> 1.3)
    clamp (1.0.1)
    colored2 (3.1.2)
    cork (0.3.0)
      colored2 (~> 3.1)
    danger (5.0.3)
      claide (~> 1.0)
      claide-plugins (>= 0.9.2)
      colored2 (~> 3.1)
      cork (~> 0.1)
      faraday (~> 0.9)
      faraday-http-cache (~> 1.0)
      git (~> 1)
      kramdown (~> 1.5)
      octokit (~> 4.2)
      terminal-table (~> 1)
    danger-lgtm (0.1.1)
      danger-plugin-api (~> 1.0)
    danger-plugin-api (1.0.0)
      danger (> 2.0)
    danger-prose (2.0.3)
      danger
    dotenv (2.2.1)
    faraday (0.12.0.1)
      multipart-post (>= 1.2, < 3)
    faraday-http-cache (1.3.1)
      faraday (~> 0.8)
    ffi (1.9.18)
    fpm (1.8.1)
      archive-tar-minitar (= 0.5.2)
      arr-pm (~> 0.0.10)
      backports (>= 2.6.2)
      cabin (>= 0.6.0)
      childprocess
      clamp (~> 1.0.0)
      ffi
      json (>= 1.7.7, < 2.0)
      pleaserun (~> 0.0.24)
      ruby-xz
    git (1.3.0)
    insist (1.0.0)
    io-like (0.3.0)
    json (1.8.6)
    kramdown (1.13.2)
    multipart-post (2.0.0)
    mustache (0.99.8)
    nap (1.1.0)
    octokit (4.7.0)
      sawyer (~> 0.8.0, >= 0.5.3)
    open4 (1.3.4)
    pleaserun (0.0.29)
      cabin (> 0)
      clamp
      dotenv
      insist
      mustache (= 0.99.8)
      stud
    public_suffix (2.0.5)
    ruby-xz (0.2.3)
      ffi (~> 1.9)
      io-like (~> 0.3)
    sawyer (0.8.1)
      addressable (>= 2.3.5, < 2.6)
      faraday (~> 0.8, < 1.0)
    stud (0.0.22)
    terminal-table (1.7.3)
      unicode-display_width (~> 1.1.1)
    unicode-display_width (1.1.3)

PLATFORMS
  ruby

DEPENDENCIES
  danger
  danger-lgtm
  danger-prose
  fpm
